GEM
  remote: https://rubygems.org/
  specs:
    daemons (1.4.1)
    eventmachine (1.0.9.1)
    mail (2.7.1)
      mini_mime (>= 0.1.1)
    mailcatcher (0.8.2)
      eventmachine (= 1.0.9.1)
      mail (~> 2.3)
      rack (~> 1.5)
      sinatra (~> 1.2)
      skinny (~> 0.2.3)
      sqlite3 (~> 1.3)
      thin (~> 1.5.0)
    mini_mime (1.1.2)
    rack (1.6.13)
    rack-protection (1.5.5)
      rack
    sinatra (1.4.8)
      rack (~> 1.5)
      rack-protection (~> 1.4)
      tilt (>= 1.3, < 3)
    skinny (0.2.4)
      eventmachine (~> 1.0.0)
      thin (>= 1.5, < 1.7)
    sqlite3 (1.5.3-x86_64-darwin)
    thin (1.5.1)
      daemons (>= 1.0.9)
      eventmachine (>= 0.12.6)
      rack (>= 1.0.0)
    tilt (2.0.11)

PLATFORMS
  x86_64-darwin-18

DEPENDENCIES
  mailcatcher (~> 0.8.2)

RUBY VERSION
   ruby 2.7.6p219

BUNDLED WITH
   2.3.25
